GEM
  specs:
    CFPropertyList (3.0.0)
    atomos (0.1.3)
    claide (1.0.2)
    colored2 (3.1.2)
    nanaimo (0.2.6)
    rouge (2.0.7)
    rubyzip (1.2.2)
    xcodeproj (1.7.0)
      CFPropertyList (>= 2.3.3, < 4.0)
      atomos (~> 0.1.3)
      claide (>= 1.0.2, < 2.0)
      colored2 (~> 3.1)
      nanaimo (~> 0.2.6)
    xcpretty (0.3.0)
      rouge (~> 2.0.7)

PLATFORMS
  ruby

DEPENDENCIES
  rubyzip (~> 1.2.2)
  xcodeproj (~> 1.7.0)
  xcpretty (~> 0.3.0)

BUNDLED WITH
   1.16.4
