GEM
  remote: https://rubygems.org/
  specs:
    CFPropertyList (3.0.0)
    atomos (0.1.3)
    claide (1.0.2)
    colored2 (3.1.2)
    diff-lcs (1.3)
    nanaimo (0.2.6)
    rouge (2.0.7)
    rspec (3.7.0)
      rspec-core (~> 3.7.0)
      rspec-expectations (~> 3.7.0)
      rspec-mocks (~> 3.7.0)
    rspec-core (3.7.1)
      rspec-support (~> 3.7.0)
    rspec-expectations (3.7.0)
      diff-lcs (>= 1.2.0, < 2.0)
      rspec-support (~> 3.7.0)
    rspec-mocks (3.7.0)
      diff-lcs (>= 1.2.0, < 2.0)
      rspec-support (~> 3.7.0)
    rspec-support (3.7.1)
    rubyzip (1.2.2)
    xcodeproj (1.7.0)
      CFPropertyList (>= 2.3.3, < 4.0)
      atomos (~> 0.1.3)
      claide (>= 1.0.2, < 2.0)
      colored2 (~> 3.1)
      nanaimo (~> 0.2.6)
    xcpretty (0.3.0)
      rouge (~> 2.0.7)

PLATFORMS
  ruby

DEPENDENCIES
  claide (~> 1.0)
  rspec (~> 3.7)
  rubyzip (~> 1.2)
  xcodeproj (~> 1.7)
  xcpretty (~> 0.3)

BUNDLED WITH
   1.17.3
